PATH
  remote: .
  specs:
    fpm-warble (0.0.1)
      arr-pm (~> 0.0.8)
      backports (>= 2.6.2)
      cabin (>= 0.6.0)
      childprocess
      clamp (= 0.6.0)
      fpm (= 0.4.36)
      ftw (~> 0.0.30)
      json (~> 1.7.7)

GEM
  remote: https://rubygems.org/
  specs:
    addressable (2.3.4)
    arr-pm (0.0.8)
      cabin (> 0)
    backports (3.3.1)
    cabin (0.6.0)
    childprocess (0.3.9)
      ffi (~> 1.0, >= 1.0.11)
    clamp (0.6.0)
    coderay (1.0.9)
    diff-lcs (1.2.4)
    fattr (2.2.1)
    ffi (1.8.1)
    fpm (0.4.36)
      arr-pm (~> 0.0.8)
      backports (>= 2.6.2)
      cabin (>= 0.6.0)
      childprocess
      clamp (= 0.6.0)
      ftw (~> 0.0.30)
      json (~> 1.7.7)
    ftw (0.0.34)
      addressable
      backports (>= 2.6.2)
      cabin (> 0)
      http_parser.rb (= 0.5.3)
    http_parser.rb (0.5.3)
    insist (0.0.8)
    json (1.7.7)
    method_source (0.8.1)
    minitest (5.0.2)
    pry (0.9.12.2)
      coderay (~> 1.0.5)
      method_source (~> 0.8)
      slop (~> 3.4)
    rspec (2.13.0)
      rspec-core (~> 2.13.0)
      rspec-expectations (~> 2.13.0)
      rspec-mocks (~> 2.13.0)
    rspec-core (2.13.1)
    rspec-expectations (2.13.0)
      diff-lcs (>= 1.1.3, < 2.0)
    rspec-mocks (2.13.1)
    rush (0.6.8)
      session
    session (3.1.0)
      fattr
    slop (3.4.5)

PLATFORMS
  ruby

DEPENDENCIES
  fpm-warble!
  insist (~> 0.0.5)
  minitest
  pry
  rspec
  rush
